PATH
  remote: .
  specs:
    rbsfmt (0.1.0)

PATH
  remote: vendor/ruby-signature
  specs:
    ruby-signature (0.1.0)

GEM
  remote: https://rubygems.org/
  specs:
    minitest (5.13.0)
    rake (12.3.3)

PLATFORMS
  ruby

DEPENDENCIES
  minitest
  rake (~> 12.0)
  rbsfmt!
  ruby-signature!

BUNDLED WITH
   2.1.1
